GEM
  remote: http://rubygems.org/
  specs:
    cinch (1.1.3)
    dalli (2.3.0)
    foreman (0.60.2)
      thor (>= 0.13.6)
    json (1.7.5)
    kgio (2.7.4)
    rack (1.4.1)
    rack-protection (1.2.0)
      rack
    raindrops (0.10.0)
    sinatra (1.3.3)
      rack (~> 1.3, >= 1.3.6)
      rack-protection (~> 1.2)
      tilt (~> 1.3, >= 1.3.3)
    thor (0.16.0)
    tilt (1.3.3)
    unicorn (4.4.0)
      kgio (~> 2.6)
      rack
      raindrops (~> 0.7)

PLATFORMS
  ruby

DEPENDENCIES
  cinch (= 1.1.3)
  dalli
  foreman
  json
  rack
  sinatra
  unicorn
