GEM
  remote: http://rubygems.org/
  specs:
    cinch (2.3.4)
    foreman (0.85.0)
      thor (~> 0.19.1)
    json (2.1.0)
    kgio (2.11.2)
    mustermann (1.0.2)
    rack (2.0.5)
    rack-protection (2.0.3)
      rack
    rack-test (1.1.0)
      rack (>= 1.0, < 3)
    racksh (1.0.0)
      rack (>= 1.0)
      rack-test (>= 0.5)
    raindrops (0.19.0)
    sinatra (2.0.3)
      mustermann (~> 1.0)
      rack (~> 2.0)
      rack-protection (= 2.0.3)
      tilt (~> 2.0)
    thor (0.19.4)
    tilt (2.0.8)
    unicorn (5.4.1)
      kgio (~> 2.6)
      raindrops (~> 0.7)

PLATFORMS
  ruby

DEPENDENCIES
  cinch
  foreman
  json
  rack
  racksh
  sinatra
  unicorn

BUNDLED WITH
   1.16.1
