GEM
  remote: http://rubygems.org/
  specs:
    cinch (2.0.4)
    foreman (0.61.0)
      thor (>= 0.13.6)
    json (1.7.7)
    kgio (2.8.0)
    rack (1.5.2)
    rack-protection (1.3.2)
      rack
    rack-test (0.6.2)
      rack (>= 1.0)
    racksh (1.0.0)
      rack (>= 1.0)
      rack-test (>= 0.5)
    raindrops (0.10.0)
    sinatra (1.3.4)
      rack (~> 1.4)
      rack-protection (~> 1.3)
      tilt (~> 1.3, >= 1.3.3)
    thor (0.17.0)
    tilt (1.3.3)
    unicorn (4.6.1)
      kgio (~> 2.6)
      rack
      raindrops (~> 0.7)

PLATFORMS
  ruby

DEPENDENCIES
  cinch
  foreman
  json
  rack
  racksh
  sinatra
  unicorn
