GEM
  remote: http://rubygems.org/
  specs:
    cinch (1.1.3)
    foreman (0.26.0)
      term-ansicolor (~> 1.0.5)
      thor (>= 0.13.6)
    json (1.6.1)
    kgio (2.6.0)
    rack (1.3.5)
    rack-protection (1.1.4)
      rack
    raindrops (0.8.0)
    sinatra (1.3.1)
      rack (~> 1.3, >= 1.3.4)
      rack-protection (~> 1.1, >= 1.1.2)
      tilt (~> 1.3, >= 1.3.3)
    term-ansicolor (1.0.7)
    thor (0.14.6)
    tilt (1.3.3)
    unicorn (4.1.1)
      kgio (~> 2.4)
      rack
      raindrops (~> 0.6)

PLATFORMS
  ruby

DEPENDENCIES
  cinch (= 1.1.3)
  foreman
  json
  rack
  sinatra
  unicorn
